PATH
  remote: .
  specs:
    image_rights (0.0.1)
      faraday
      json

GEM
  remote: https://rubygems.org/
  specs:
    addressable (2.4.0)
    coderay (1.1.1)
    crack (0.4.3)
      safe_yaml (~> 1.0.0)
    faraday (0.9.2)
      multipart-post (>= 1.2, < 3)
    hashdiff (0.3.0)
    interception (0.5)
    json (1.8.3)
    method_source (0.8.2)
    minitest (5.8.4)
    multipart-post (2.0.0)
    pry (0.10.3)
      coderay (~> 1.1.0)
      method_source (~> 0.8.1)
      slop (~> 3.4)
    pry-rescue (1.4.2)
      interception (>= 0.5)
      pry
    safe_yaml (1.0.4)
    slop (3.6.0)
    vcr (3.0.1)
    webmock (1.24.5)
      addressable (>= 2.3.6)
      crack (>= 0.3.2)
      hashdiff

PLATFORMS
  ruby

DEPENDENCIES
  image_rights!
  minitest
  pry
  pry-rescue
  vcr
  webmock
